GEM
  remote: http://rubygems.org/
  specs:
    awesome_print (1.0.2)
    daemons (1.0.10)
    gem_plugin (0.2.3)
    mongrel (1.2.0.pre2)
      daemons (~> 1.0.10)
      gem_plugin (~> 0.2.3)
    rack (1.3.5)

PLATFORMS
  ruby

DEPENDENCIES
  awesome_print
  mongrel (= 1.2.0.pre2)
  rack (= 1.3.5)
